GEM
  remote: https://rubygems.org/
  specs:
    commander (4.4.3)
      highline (~> 1.7.2)
    dotenv (2.2.1)
    highline (1.7.8)
    httparty (0.15.6)
      multi_xml (>= 0.5.2)
    multi_xml (0.6.0)
    smarter_csv (1.1.4)

PLATFORMS
  ruby

DEPENDENCIES
  commander
  dotenv
  httparty
  smarter_csv
