GEM
  remote: https://rubygems.org/
  specs:
    dotenv (2.2.1)
    httparty (0.15.6)
      multi_xml (>= 0.5.2)
    multi_xml (0.6.0)
    progressbar (1.8.2)
    smarter_csv (1.1.4)

PLATFORMS
  ruby

DEPENDENCIES
  dotenv
  httparty
  progressbar
  smarter_csv
